GEM
  remote: https://rubygems.org/
  specs:
    docile (1.3.2)
    minitest (5.13.0)
    simplecov (0.19.0)
      docile (~> 1.1)
      simplecov-html (~> 0.11)
    simplecov-html (0.12.3)

PLATFORMS
  ruby

DEPENDENCIES
  minitest
  simplecov

RUBY VERSION
   ruby 2.6.5p114

BUNDLED WITH
   2.0.2
